PATH
  remote: .
  specs:
    mavenlink (0.2.7)
      httparty

GEM
  remote: http://rubygems.org/
  specs:
    addressable (2.2.7)
    crack (0.3.1)
    diff-lcs (1.1.3)
    faraday (0.8.4)
      multipart-post (~> 1.1)
    httparty (0.8.1)
      multi_json
      multi_xml
    httpauth (0.2.0)
    json (1.6.5)
    jwt (0.1.5)
      multi_json (>= 1.0)
    multi_json (1.2.0)
    multi_xml (0.4.2)
    multipart-post (1.1.5)
    oauth2 (0.8.0)
      faraday (~> 0.8)
      httpauth (~> 0.1)
      jwt (~> 0.1.4)
      multi_json (~> 1.0)
      rack (~> 1.2)
    rack (1.4.1)
    rr (1.0.4)
    rspec (2.9.0)
      rspec-core (~> 2.9.0)
      rspec-expectations (~> 2.9.0)
      rspec-mocks (~> 2.9.0)
    rspec-core (2.9.0)
    rspec-expectations (2.9.0)
      diff-lcs (~> 1.1.3)
    rspec-mocks (2.9.0)
    webmock (1.8.4)
      addressable (>= 2.2.7)
      addressable (>= 2.2.7)
      crack (>= 0.1.7)
      crack (>= 0.1.7)

PLATFORMS
  ruby

DEPENDENCIES
  json
  mavenlink!
  oauth2
  rr
  rspec
  webmock
